GIT
  remote: git://github.com/mislav/will_paginate.git
  revision: b1a5beeec9f56ecbe3594fcdca76d92b6767ce50
  branch: rails3
  specs:
    will_paginate (3.0.pre3)

GEM
  remote: http://rubygems.org/
  remote: http://gems.github.com/
  specs:
    ZenTest (4.4.2)
    abstract (1.0.0)
    actionmailer (3.0.3)
      actionpack (= 3.0.3)
      mail (~> 2.2.9)
    actionpack (3.0.3)
      activemodel (= 3.0.3)
      activesupport (= 3.0.3)
      builder (~> 2.1.2)
      erubis (~> 2.6.6)
      i18n (~> 0.4)
      rack (~> 1.2.1)
      rack-mount (~> 0.6.13)
      rack-test (~> 0.5.6)
      tzinfo (~> 0.3.23)
    activemodel (3.0.3)
      activesupport (= 3.0.3)
      builder (~> 2.1.2)
      i18n (~> 0.4)
    activerecord (3.0.3)
      activemodel (= 3.0.3)
      activesupport (= 3.0.3)
      arel (~> 2.0.2)
      tzinfo (~> 0.3.23)
    activeresource (3.0.3)
      activemodel (= 3.0.3)
      activesupport (= 3.0.3)
    activesupport (3.0.3)
    apetag (1.1.2)
      cicphash (>= 1.0.0)
    arel (2.0.6)
    autotest (4.4.6)
      ZenTest (>= 4.4.1)
    autotest-rails-pure (4.1.2)
    backgroundrb-rails3 (1.1.2)
      chronic (>= 0.2.3)
      packet (>= 0.1.15)
      rails (>= 3.0.0)
    builder (2.1.2)
    chronic (0.3.0)
    ci_reporter (1.6.3)
      builder (>= 2.1.2)
    cicphash (1.0.0)
    erubis (2.6.6)
      abstract (>= 1.0.0)
    hoe (2.8.0)
      rake (>= 0.8.7)
    i18n (0.5.0)
    mail (2.2.12)
      activesupport (>= 2.3.6)
      i18n (>= 0.4.0)
      mime-types (~> 1.16)
      treetop (~> 1.4.8)
    mime-types (1.16)
    mysql (2.8.1)
    notifier (0.1.1)
    packet (0.1.15)
    polyglot (0.3.1)
    rack (1.2.1)
    rack-mount (0.6.13)
      rack (>= 1.0.0)
    rack-test (0.5.6)
      rack (>= 1.0)
    rails (3.0.3)
      actionmailer (= 3.0.3)
      actionpack (= 3.0.3)
      activerecord (= 3.0.3)
      activeresource (= 3.0.3)
      activesupport (= 3.0.3)
      bundler (~> 1.0)
      railties (= 3.0.3)
    railties (3.0.3)
      actionpack (= 3.0.3)
      activesupport (= 3.0.3)
      rake (>= 0.8.7)
      thor (~> 0.14.4)
    rake (0.8.7)
    redgreen (1.2.2)
    ruby-mp3info (0.6.13)
    test-unit (1.2.3)
      hoe (>= 1.5.1)
    test_notifier (0.3.6)
      notifier
    thor (0.14.6)
    thoughtbot-shoulda (2.11.1)
    treetop (1.4.9)
      polyglot (>= 0.3.1)
    tzinfo (0.3.23)

PLATFORMS
  ruby

DEPENDENCIES
  apetag
  autotest
  autotest-rails-pure
  backgroundrb-rails3
  chronic
  ci_reporter
  mysql
  packet
  rails (= 3.0.3)
  redgreen
  ruby-mp3info
  test-unit (= 1.2.3)
  test_notifier
  thoughtbot-shoulda
  will_paginate!
